GEM
  remote: https://rubygems.org/
  specs:
    pg (1.5.6)

PLATFORMS
  arm64-darwin-21
  ruby

DEPENDENCIES
  pg

BUNDLED WITH
   2.5.3
